PATH
  remote: .
  specs:
    botrb (0.1.0)
      dry-configurable
      dry-struct

GEM
  remote: https://rubygems.org/
  specs:
    byebug (9.1.0)
    concurrent-ruby (1.0.5)
    dotenv (2.2.1)
    dry-configurable (0.7.0)
      concurrent-ruby (~> 1.0)
    dry-container (0.6.0)
      concurrent-ruby (~> 1.0)
      dry-configurable (~> 0.1, >= 0.1.3)
    dry-core (0.3.3)
      concurrent-ruby (~> 1.0)
    dry-equalizer (0.2.0)
    dry-logic (0.4.2)
      dry-container (~> 0.2, >= 0.2.6)
      dry-core (~> 0.2)
      dry-equalizer (~> 0.2)
    dry-struct (0.3.1)
      dry-configurable (~> 0.1)
      dry-core (~> 0.3)
      dry-equalizer (~> 0.2)
      dry-types (~> 0.9, >= 0.9.0)
      ice_nine (~> 0.11)
    dry-types (0.12.0)
      concurrent-ruby (~> 1.0)
      dry-configurable (~> 0.1)
      dry-container (~> 0.3)
      dry-core (~> 0.2, >= 0.2.1)
      dry-equalizer (~> 0.2)
      dry-logic (~> 0.4, >= 0.4.2)
      inflecto (~> 0.0.0, >= 0.0.2)
    ice_nine (0.11.2)
    inflecto (0.0.2)
    minitest (5.10.3)
    rack (2.0.3)
    rake (10.5.0)
    shotgun (0.9.2)
      rack (>= 1.0)

PLATFORMS
  ruby

DEPENDENCIES
  botrb!
  bundler (~> 1.13)
  byebug
  dotenv
  minitest (~> 5.8)
  rack
  rake
  shotgun

BUNDLED WITH
   1.13.6
